RESTRICTION: == net461
NUGET
  remote: https://www.nuget.org/api/v2
    FSharp.Core (4.2.3)
    Serilog (2.5)
    Serilog.Sinks.File (3.2)
      Serilog (>= 2.3)
    Serilog.Sinks.RollingFile (3.3)
      Serilog.Sinks.File (>= 3.2)
